GEM
  remote: https://rubygems.org/
  specs:
    ansi (1.5.0)

PLATFORMS
  ruby

DEPENDENCIES
  ansi

BUNDLED WITH
   1.10.5
